GEM
  remote: https://rubygems.org/
  specs:
    coderay (1.1.0)
    figaro (1.1.1)
      thor (~> 0.14)
    method_source (0.8.2)
    minitest (4.7.5)
    pry (0.10.3)
      coderay (~> 1.1.0)
      method_source (~> 0.8.1)
      slop (~> 3.4)
    rack (1.2.2)
    rack-test (0.6.3)
      rack (>= 1.0)
    rails_12factor (0.0.3)
      rails_serve_static_assets
      rails_stdout_logging
    rails_serve_static_assets (0.0.4)
    rails_stdout_logging (0.0.4)
    rake (10.1.0)
    shotgun (0.9)
      rack (>= 1.0)
    sinatra (1.2.6)
      rack (~> 1.1)
      tilt (>= 1.2.2, < 2.0)
    slop (3.6.0)
    thor (0.19.1)
    tilt (1.3)

PLATFORMS
  ruby

DEPENDENCIES
  figaro
  minitest
  pry
  rack-test
  rails_12factor
  rake
  shotgun
  sinatra
